GEM
  remote: https://rubygems.org/
  specs:
    yaml-lint (0.1.2)

PLATFORMS
  arm64-darwin-22

DEPENDENCIES
  yaml-lint

BUNDLED WITH
   2.4.6
